GEM
  remote: https://rubygems.org/
  specs:
    excon (1.0.0)

PLATFORMS
  arm64-darwin-24
  ruby
  universal-java-17

DEPENDENCIES
  excon

BUNDLED WITH
   2.5.22
