GEM
  remote: https://rubygems.org/
  specs:
    debug (1.9.2)
      irb (~> 1.10)
      reline (>= 0.3.8)
    io-console (0.7.2)
    irb (1.14.1)
      rdoc (>= 4.0.0)
      reline (>= 0.4.2)
    logger (1.6.1)
    mustermann (3.0.3)
      ruby2_keywords (~> 0.0.1)
    psych (5.1.2)
      stringio
    rdoc (6.7.0)
      psych (>= 4.0.0)
    reline (0.5.10)
      io-console (~> 0.5)
    ruby2_keywords (0.0.5)
    spyder (0.1.1)
      mustermann (~> 3.0)
    stringio (3.1.1)

PLATFORMS
  arm64-darwin-24
  ruby

DEPENDENCIES
  debug
  logger
  spyder

BUNDLED WITH
   2.5.22
